PATH
  remote: .
  specs:
    mosql (0.2.0)
      bson_ext
      json
      log4r
      mongo
      mongoriver
      pg
      rake
      sequel

GEM
  remote: https://rubygems.org/
  specs:
    bson (1.8.3)
    bson_ext (1.8.3)
      bson (~> 1.8.3)
    json (1.7.7)
    log4r (1.1.10)
    metaclass (0.0.1)
    minitest (3.0.0)
    mocha (0.10.5)
      metaclass (~> 0.0.1)
    mongo (1.8.3)
      bson (~> 1.8.3)
    mongoriver (0.1.0)
      bson_ext
      log4r
      mongo (>= 1.7)
    pg (0.14.1)
    rake (10.0.3)
    sequel (3.44.0)

PLATFORMS
  ruby

DEPENDENCIES
  minitest
  mocha
  mosql!
